GEM
  remote: https://rubygems.org/
  specs:
    json (2.0.2)
    mini_portile (0.5.2)
    newrelic_plugin (1.3.1)
      json
    nokogiri (1.6.1)
      mini_portile (~> 0.5.0)
    rake (10.1.1)
    test-unit (2.5.5)

PLATFORMS
  ruby

DEPENDENCIES
  newrelic_plugin
  nokogiri
  rake
  test-unit
